PATH
  remote: .
  specs:
    ProMotion-formotion (0.1.2)
      ProMotion (>= 1.1.1)
      formotion (>= 1.4.0)
      motion-require (>= 0.0.3)

GEM
  remote: http://rubygems.org/
  specs:
    ProMotion (1.1.2)
      methadone
    bubble-wrap (1.4.0)
    formotion (1.7)
      bubble-wrap (~> 1.4.0)
      motion-require (~> 0.0.3)
    methadone (1.3.2)
      bundler
    motion-require (0.0.7)

PLATFORMS
  ruby

DEPENDENCIES
  ProMotion-formotion!
